GEM
  remote: https://rubygems.org/
  specs:
    forgery (0.6.0)

PLATFORMS
  ruby

DEPENDENCIES
  forgery
